GEM
  remote: https://rubygems.org/
  specs:
    csv (3.2.0)
    mini_portile2 (2.5.3)
    nokogiri (1.11.7)
      mini_portile2 (~> 2.5.0)
      racc (~> 1.4)
    open-uri (0.1.0)
    racc (1.5.2)

PLATFORMS
  ruby

DEPENDENCIES
  csv
  nokogiri
  open-uri

RUBY VERSION
   ruby 2.7.1p83

BUNDLED WITH
   2.1.4
